PATH
  remote: .
  specs:
    youtube (0.1.0)

GEM
  remote: https://rubygems.org/
  specs:
    rake (13.1.0)

PLATFORMS
  x86_64-linux

DEPENDENCIES
  rake (~> 13.0)
  youtube!

BUNDLED WITH
   2.3.5
